GEM
  remote: https://rubygems.org/
  specs:
    axlsx (2.0.1)
      htmlentities (~> 4.3.1)
      nokogiri (>= 1.4.1)
      rubyzip (~> 1.0.0)
    canvas-api (1.1.1)
      json
      typhoeus
    date (1.0.0)
    ethon (0.11.0)
      ffi (>= 1.3.0)
    ffi (1.9.23)
    htmlentities (4.3.4)
    json (2.1.0)
    mini_portile2 (2.3.0)
    nokogiri (1.8.2)
      mini_portile2 (~> 2.3.0)
    rubyzip (1.0.0)
    typhoeus (1.3.0)
      ethon (>= 0.9.0)

PLATFORMS
  ruby

DEPENDENCIES
  axlsx
  canvas-api
  date
  json

RUBY VERSION
   ruby 2.5.0p0

BUNDLED WITH
   1.16.1
